GEM
  remote: https://rubygems.org/
  specs:
    daemons (1.1.9)
    eventmachine (1.0.0)
    json (1.8.1)
    pg (0.17.1)
    rack (1.4.1)
    rack-protection (1.5.2)
      rack
    sequel (4.7.0)
    sinatra (1.4.4)
      rack (~> 1.4)
      rack-protection (~> 1.4)
      tilt (~> 1.3, >= 1.3.4)
    thin (1.5.0)
      daemons (>= 1.0.9)
      eventmachine (>= 0.12.6)
      rack (>= 1.0.0)
    tilt (1.4.1)

PLATFORMS
  ruby

DEPENDENCIES
  json (= 1.8.1)
  pg (= 0.17.1)
  sequel (= 4.7.0)
  sinatra (= 1.4.4)
  thin (= 1.5.0)
